GEM
  remote: http://rubygems.org/
  specs:
    actionmailer (2.3.11)
      actionpack (= 2.3.11)
    actionpack (2.3.11)
      activesupport (= 2.3.11)
      rack (~> 1.1.0)
    activerecord (2.3.11)
      activesupport (= 2.3.11)
    activeresource (2.3.11)
      activesupport (= 2.3.11)
    activesupport (2.3.11)
    color (1.8)
    pdf-writer (1.1.8)
      color (>= 1.4.0)
      transaction-simple (~> 1.3)
    power_assert (1.0.2)
    rack (1.1.6)
    rails (2.3.11)
      actionmailer (= 2.3.11)
      actionpack (= 2.3.11)
      activerecord (= 2.3.11)
      activeresource (= 2.3.11)
      activesupport (= 2.3.11)
      rake (>= 0.8.3)
    rake (0.8.7)
    sqlite3 (1.3.13)
    test-unit (3.2.5)
      power_assert
    transaction-simple (1.4.0.2)

PLATFORMS
  ruby

DEPENDENCIES
  pdf-writer
  rails (= 2.3.11)
  rake (= 0.8.7)
  sqlite3
  test-unit

BUNDLED WITH
   1.15.1
